NUGET
  remote: https://www.nuget.org/api/v2
  specs:
    FAKE (4.22.4)
    Microsoft.ApplicationInsights (0.9.0-build06428) - framework: >= net45
    Microsoft.ApplicationInsights.JavaScript (0.9.0-build06435) - framework: >= net45
    Microsoft.ApplicationInsights.Web (0.9.0-build06428) - framework: >= net45
      Microsoft.ApplicationInsights (>= 0.9.0-build06428) - framework: >= net40, >= net45
    Microsoft.AspNet.Cors (5.2.2)
    Microsoft.AspNet.Identity.Core (2.1.0) - framework: >= net45
    Microsoft.AspNet.Identity.Owin (2.1.0) - framework: >= net45
      Microsoft.AspNet.Identity.Core (>= 2.1.0)
      Microsoft.Owin.Security (>= 2.1.0)
      Microsoft.Owin.Security.Cookies (>= 2.1.0)
      Microsoft.Owin.Security.OAuth (>= 2.1.0)
    Microsoft.AspNet.WebApi (5.2.2) - framework: >= net45
      Microsoft.AspNet.WebApi.WebHost (>= 5.2.2 < 5.3.0)
    Microsoft.AspNet.WebApi.Client (5.2.3)
      Microsoft.Net.Http (>= 2.2.22) - framework: portable-wp80+win+net45+wp81+wpa81
      Newtonsoft.Json (>= 6.0.4) - framework: portable-wp80+win+net45+wp81+wpa81, >= net45
    Microsoft.AspNet.WebApi.Core (5.2.3)
      Microsoft.AspNet.WebApi.Client (>= 5.2.3)
    Microsoft.AspNet.WebApi.Cors (5.2.2) - framework: >= net45
      Microsoft.AspNet.Cors (>= 5.2.2)
      Microsoft.AspNet.WebApi.Core (>= 5.2.2 < 5.3.0)
    Microsoft.AspNet.WebApi.Owin (5.2.3-beta1)
      Microsoft.AspNet.WebApi.Core (>= 5.2.3-beta1 < 5.3.0)
      Microsoft.Owin (>= 2.0.2)
      Owin (>= 1.0)
    Microsoft.AspNet.WebApi.OwinSelfHost (5.2.3-beta1)
      Microsoft.AspNet.WebApi.Owin (>= 5.2.3-beta1 < 5.3.0)
      Microsoft.Owin.Host.HttpListener (>= 2.0.2)
      Microsoft.Owin.Hosting (>= 2.0.2)
    Microsoft.AspNet.WebApi.WebHost (5.2.3)
      Microsoft.AspNet.WebApi.Core (>= 5.2.3 < 5.3.0)
    Microsoft.Bcl (1.1.10)
      Microsoft.Bcl.Build (>= 1.0.14)
    Microsoft.Bcl.Build (1.0.21)
    Microsoft.Net.Http (2.2.29) - framework: portable-wp80+win+net45+wp81+wpa81
      Microsoft.Bcl (>= 1.1.10)
      Microsoft.Bcl.Build (>= 1.0.14)
    Microsoft.Owin (3.0.1)
      Owin (>= 1.0)
    Microsoft.Owin.Cors (3.0.1)
      Microsoft.AspNet.Cors (>= 5.0.0)
      Microsoft.Owin (>= 3.0.1)
      Owin (>= 1.0)
    Microsoft.Owin.Host.HttpListener (2.0.2) - framework: >= net45
    Microsoft.Owin.Host.SystemWeb (3.0.1)
      Microsoft.Owin (>= 3.0.1)
      Owin (>= 1.0)
    Microsoft.Owin.Hosting (2.0.2) - framework: >= net45
      Microsoft.Owin (>= 2.0.2)
      Owin (>= 1.0)
    Microsoft.Owin.Security (3.0.1)
      Microsoft.Owin (>= 3.0.1)
      Owin (>= 1.0)
    Microsoft.Owin.Security.ActiveDirectory (3.0.1)
      Microsoft.Owin (>= 3.0.1)
      Microsoft.Owin.Security (>= 3.0.1)
      Microsoft.Owin.Security.Jwt (>= 3.0.1)
      Microsoft.Owin.Security.OAuth (>= 3.0.1)
      Owin (>= 1.0)
      System.IdentityModel.Tokens.Jwt (>= 4.0.0)
    Microsoft.Owin.Security.Cookies (2.1.0) - framework: >= net45
      Microsoft.Owin (>= 2.1.0)
      Microsoft.Owin.Security (>= 2.1.0)
      Owin (>= 1.0)
    Microsoft.Owin.Security.Jwt (3.0.1)
      Microsoft.Owin (>= 3.0.1)
      Microsoft.Owin.Security (>= 3.0.1)
      Microsoft.Owin.Security.OAuth (>= 3.0.1)
      Owin (>= 1.0)
      System.IdentityModel.Tokens.Jwt (>= 4.0.0)
    Microsoft.Owin.Security.OAuth (3.0.1)
      Microsoft.Owin (>= 3.0.1)
      Microsoft.Owin.Security (>= 3.0.1)
      Newtonsoft.Json (>= 6.0.4)
      Owin (>= 1.0)
    Microsoft.WindowsAzure.ConfigurationManager (3.1.0)
    Newtonsoft.Json (7.0.1)
    NLog (4.1.0)
    NuGet.CommandLine (2.8.6)
    Owin (1.0) - framework: >= net45
    System.IdentityModel.Tokens.Jwt (4.0.0) - framework: >= net45
